{"Manufacturer": "Siemens", "ManufacturersModelName": "Prisma_fit", "EchoTrainLength": 88, "AcquisitionNumber": 1, "InstitutionName": "BCBL", "InstitutionAddress": "Mikeletegi_69_San_Sebastian_District_ES_20009", "DeviceSerialNumber": "167004", "SoftwareVersions": "syngo_MR_E11", "ProcedureStepDescription": "CRANEO_FUNCIONAL", "ScanningSequence": "EP", "SequenceVariant": "SK_SS", "SeriesDescription": "fMRI_run2_AP_MB6_TR850_TE35_2.4mmISO", "BodyPartExamined": "BRAIN", "ProtocolName": "fMRI_run2_AP_MB6_TR850_TE35_2.4mmISO", "SequenceName": "epfid2d1_88", "ImageType": ["ORIGINAL", "PRIMARY", "M", "MB", "ND", "MOSAIC"], "AcquisitionTime": "19:10:38.145000", "MagneticFieldStrength": 3, "FlipAngle": 56, "EchoTime": 0.035, "RepetitionTime": 0.85, "PhaseEncodingLines": 88, "BandwidthPerPixelPhaseEncode": 22.282, "EffectiveEchoSpacing": 0.000509992, "TotalReadoutTime": 0.0443693, "SliceTiming": [0, 0.4525, 0.075, 0.5275, 0.15, 0.6025, 0.225, 0.6775, 0.3025, 0.755, 0.3775, 0, 0.4525, 0.075, 0.5275, 0.15, 0.6025, 0.225, 0.6775, 0.3025, 0.755, 0.3775, 0, 0.4525, 0.075, 0.5275, 0.15, 0.6025, 0.225, 0.6775, 0.3025, 0.755, 0.3775, 0, 0.4525, 0.075, 0.5275, 0.15, 0.6025, 0.225, 0.6775, 0.3025, 0.755, 0.3775, 0, 0.4525, 0.075, 0.5275, 0.15, 0.6025, 0.225, 0.6775, 0.3025, 0.755, 0.3775, 0, 0.4525, 0.075, 0.5275, 0.15, 0.6025, 0.225, 0.6775, 0.3025, 0.755, 0.3775], "PhaseEncodingDirection": "j-", "ConversionSoftware": "dcm2niix", "ConversionSoftwareVersion": "v1.0.20170724 GCC4.4.7", "TaskName": "recog"}